PATH
  remote: ../rails-autoscale-core
  specs:
    rails-autoscale-core (1.1.1)

PATH
  remote: .
  specs:
    rails-autoscale-que (1.1.1)
      que (>= 1.0)
      rails-autoscale-core

GEM
  remote: https://rubygems.org/
  specs:
    activemodel (7.0.2.3)
      activesupport (= 7.0.2.3)
    activerecord (7.0.2.3)
      activemodel (= 7.0.2.3)
      activesupport (= 7.0.2.3)
    activesupport (7.0.2.3)
      concurrent-ruby (~> 1.0, >= 1.0.2)
      i18n (>= 1.6, < 2)
      minitest (>= 5.1)
      tzinfo (~> 2.0)
    concurrent-ruby (1.1.10)
    debug (1.4.0)
      irb (>= 1.3.6)
      reline (>= 0.2.7)
    i18n (1.10.0)
      concurrent-ruby (~> 1.0)
    io-console (0.5.11)
    irb (1.4.1)
      reline (>= 0.3.0)
    minitest (5.15.0)
    pg (1.3.5)
    que (2.2.0)
    rake (13.0.6)
    reline (0.3.1)
      io-console (~> 0.5)
    tzinfo (2.0.4)
      concurrent-ruby (~> 1.0)

PLATFORMS
  arm64-darwin-20
  arm64-darwin-21
  x86_64-darwin-21
  x86_64-linux

DEPENDENCIES
  activerecord
  debug
  minitest
  pg
  rails-autoscale-core!
  rails-autoscale-que!
  rake

BUNDLED WITH
   2.3.9
