PATH
  remote: .
  specs:
    judoscale-ruby (1.5.1)

GEM
  remote: https://rubygems.org/
  specs:
    addressable (2.8.1)
      public_suffix (>= 2.0.2, < 6.0)
    crack (0.4.5)
      rexml
    debug (1.7.1)
      irb (>= 1.5.0)
      reline (>= 0.3.1)
    hashdiff (1.0.1)
    io-console (0.6.0)
    irb (1.6.2)
      reline (>= 0.3.0)
    minitest (5.17.0)
    minitest-stub-const (0.6)
    public_suffix (5.0.1)
    rake (13.0.6)
    reline (0.3.2)
      io-console (~> 0.5)
    rexml (3.2.5)
    webmock (3.18.1)
      addressable (>= 2.8.0)
      crack (>= 0.3.2)
      hashdiff (>= 0.4.0, < 2.0.0)

PLATFORMS
  arm64-darwin-20
  arm64-darwin-21
  arm64-darwin-22
  x86_64-darwin-21
  x86_64-linux

DEPENDENCIES
  debug
  judoscale-ruby!
  minitest
  minitest-stub-const
  rake (>= 12.3.3)
  webmock

BUNDLED WITH
   2.3.9
