PATH
  remote: ../../judoscale-que
  specs:
    judoscale-que (1.5.4)
      judoscale-ruby (= 1.5.4)
      que (>= 1.0)

PATH
  remote: ../../judoscale-rails
  specs:
    judoscale-rails (1.5.4)
      judoscale-ruby (= 1.5.4)
      railties

PATH
  remote: ../../judoscale-ruby
  specs:
    judoscale-ruby (1.5.4)

GEM
  remote: https://rubygems.org/
  specs:
    actionpack (7.0.8.1)
      actionview (= 7.0.8.1)
      activesupport (= 7.0.8.1)
      rack (~> 2.0, >= 2.2.4)
      rack-test (>= 0.6.3)
      rails-dom-testing (~> 2.0)
      rails-html-sanitizer (~> 1.0, >= 1.2.0)
    actionview (7.0.8.1)
      activesupport (= 7.0.8.1)
      builder (~> 3.1)
      erubi (~> 1.4)
      rails-dom-testing (~> 2.0)
      rails-html-sanitizer (~> 1.1, >= 1.2.0)
    activemodel (7.0.8.1)
      activesupport (= 7.0.8.1)
    activerecord (7.0.8.1)
      activemodel (= 7.0.8.1)
      activesupport (= 7.0.8.1)
    activesupport (7.0.8.1)
      concurrent-ruby (~> 1.0, >= 1.0.2)
      i18n (>= 1.6, < 2)
      minitest (>= 5.1)
      tzinfo (~> 2.0)
    builder (3.2.4)
    concurrent-ruby (1.2.3)
    crass (1.0.6)
    erubi (1.12.0)
    i18n (1.14.4)
      concurrent-ruby (~> 1.0)
    loofah (2.22.0)
      crass (~> 1.0.2)
      nokogiri (>= 1.12.0)
    method_source (1.1.0)
    minitest (5.22.3)
    nio4r (2.7.1)
    nokogiri (1.16.4-arm64-darwin)
      racc (~> 1.4)
    nokogiri (1.16.4-x86_64-darwin)
      racc (~> 1.4)
    nokogiri (1.16.4-x86_64-linux)
      racc (~> 1.4)
    pg (1.5.6)
    puma (5.6.8)
      nio4r (~> 2.0)
    que (2.3.0)
    racc (1.7.3)
    rack (2.2.9)
    rack-test (2.1.0)
      rack (>= 1.3)
    rails-dom-testing (2.2.0)
      activesupport (>= 5.0.0)
      minitest
      nokogiri (>= 1.6)
    rails-html-sanitizer (1.6.0)
      loofah (~> 2.21)
      nokogiri (~> 1.14)
    railties (7.0.8.1)
      actionpack (= 7.0.8.1)
      activesupport (= 7.0.8.1)
      method_source
      rake (>= 12.2)
      thor (~> 1.0)
      zeitwerk (~> 2.5)
    rake (13.2.1)
    thor (1.3.1)
    tzinfo (2.0.6)
      concurrent-ruby (~> 1.0)
    zeitwerk (2.6.13)

PLATFORMS
  arm64-darwin-20
  arm64-darwin-21
  arm64-darwin-23
  x86_64-darwin-21
  x86_64-linux

DEPENDENCIES
  actionpack (~> 7.0.1)
  actionview (~> 7.0.1)
  activerecord (~> 7.0.1)
  judoscale-que!
  judoscale-rails!
  judoscale-ruby!
  pg (~> 1.1)
  puma (~> 5.0)
  que (~> 2.0)
  railties (~> 7.0.1)

BUNDLED WITH
   2.5.4
