PATH
  remote: ../rails-autoscale-core
  specs:
    rails-autoscale-core (1.1.0)

PATH
  remote: .
  specs:
    rails-autoscale-sidekiq (1.1.0)
      rails-autoscale-core
      sidekiq (>= 5.0)

GEM
  remote: https://rubygems.org/
  specs:
    connection_pool (2.3.0)
    debug (1.6.2)
      irb (>= 1.3.6)
      reline (>= 0.3.1)
    io-console (0.5.11)
    irb (1.4.1)
      reline (>= 0.3.0)
    minitest (5.15.0)
    rack (2.2.4)
    rake (13.0.6)
    redis (4.8.0)
    reline (0.3.1)
      io-console (~> 0.5)
    sidekiq (6.5.7)
      connection_pool (>= 2.2.5)
      rack (~> 2.0)
      redis (>= 4.5.0, < 5)

PLATFORMS
  arm64-darwin-20
  arm64-darwin-21
  x86_64-darwin-21
  x86_64-linux

DEPENDENCIES
  debug
  minitest
  rails-autoscale-core!
  rails-autoscale-sidekiq!
  rake

BUNDLED WITH
   2.3.9
