PATH
  remote: ../../judoscale-rack
  specs:
    judoscale-rack (1.8.2)
      judoscale-ruby (= 1.8.2)
      rack

PATH
  remote: ../../judoscale-ruby
  specs:
    judoscale-ruby (1.8.2)

GEM
  remote: https://rubygems.org/
  specs:
    base64 (0.2.0)
    mustermann (3.0.3)
      ruby2_keywords (~> 0.0.1)
    nio4r (2.7.4)
    puma (6.4.3)
      nio4r (~> 2.0)
    rack (3.1.8)
    rack-protection (4.0.0)
      base64 (>= 0.1.0)
      rack (>= 3.0.0, < 4)
    rack-session (2.0.0)
      rack (>= 3.0.0)
    rackup (2.2.0)
      rack (>= 3)
    ruby2_keywords (0.0.5)
    sinatra (4.0.0)
      mustermann (~> 3.0)
      rack (>= 3.0.0, < 4)
      rack-protection (= 4.0.0)
      rack-session (>= 2.0.0, < 3)
      tilt (~> 2.0)
    tilt (2.4.0)

PLATFORMS
  arm64-darwin-21
  arm64-darwin-23
  arm64-darwin-24

DEPENDENCIES
  judoscale-rack!
  judoscale-ruby!
  puma
  rackup
  sinatra

BUNDLED WITH
   2.5.4
