PATH
  remote: ../rails-autoscale-core
  specs:
    rails-autoscale-core (1.0.2)

PATH
  remote: .
  specs:
    rails-autoscale-delayed_job (1.0.2)
      delayed_job_active_record (>= 4.0)
      rails-autoscale-core

GEM
  remote: https://rubygems.org/
  specs:
    activemodel (7.0.2.3)
      activesupport (= 7.0.2.3)
    activerecord (7.0.2.3)
      activemodel (= 7.0.2.3)
      activesupport (= 7.0.2.3)
    activesupport (7.0.2.3)
      concurrent-ruby (~> 1.0, >= 1.0.2)
      i18n (>= 1.6, < 2)
      minitest (>= 5.1)
      tzinfo (~> 2.0)
    concurrent-ruby (1.1.10)
    debug (1.6.2)
      irb (>= 1.3.6)
      reline (>= 0.3.1)
    delayed_job (4.1.10)
      activesupport (>= 3.0, < 8.0)
    delayed_job_active_record (4.1.7)
      activerecord (>= 3.0, < 8.0)
      delayed_job (>= 3.0, < 5)
    i18n (1.10.0)
      concurrent-ruby (~> 1.0)
    io-console (0.5.11)
    irb (1.4.1)
      reline (>= 0.3.0)
    minitest (5.15.0)
    pg (1.3.5)
    rake (13.0.6)
    reline (0.3.1)
      io-console (~> 0.5)
    tzinfo (2.0.4)
      concurrent-ruby (~> 1.0)

PLATFORMS
  arm64-darwin-20
  arm64-darwin-21
  x86_64-darwin-21
  x86_64-linux

DEPENDENCIES
  activerecord
  debug
  minitest
  pg
  rails-autoscale-core!
  rails-autoscale-delayed_job!
  rake

BUNDLED WITH
   2.3.9
