PATH
  remote: ../judoscale-ruby
  specs:
    judoscale-ruby (1.5.1)

PATH
  remote: .
  specs:
    judoscale-delayed_job (1.5.1)
      delayed_job_active_record (>= 4.0)
      judoscale-ruby (= 1.5.1)

GEM
  remote: https://rubygems.org/
  specs:
    activemodel (7.0.4.2)
      activesupport (= 7.0.4.2)
    activerecord (7.0.4.2)
      activemodel (= 7.0.4.2)
      activesupport (= 7.0.4.2)
    activesupport (7.0.4.2)
      concurrent-ruby (~> 1.0, >= 1.0.2)
      i18n (>= 1.6, < 2)
      minitest (>= 5.1)
      tzinfo (~> 2.0)
    concurrent-ruby (1.2.0)
    debug (1.7.1)
      irb (>= 1.5.0)
      reline (>= 0.3.1)
    delayed_job (4.1.11)
      activesupport (>= 3.0, < 8.0)
    delayed_job_active_record (4.1.7)
      activerecord (>= 3.0, < 8.0)
      delayed_job (>= 3.0, < 5)
    i18n (1.12.0)
      concurrent-ruby (~> 1.0)
    io-console (0.6.0)
    irb (1.6.2)
      reline (>= 0.3.0)
    minitest (5.17.0)
    pg (1.4.5)
    rake (13.0.6)
    reline (0.3.2)
      io-console (~> 0.5)
    tzinfo (2.0.6)
      concurrent-ruby (~> 1.0)

PLATFORMS
  arm64-darwin-20
  arm64-darwin-21
  arm64-darwin-22
  x86_64-darwin-21
  x86_64-linux

DEPENDENCIES
  activerecord
  debug
  judoscale-delayed_job!
  judoscale-ruby!
  minitest
  pg
  rake

BUNDLED WITH
   2.3.9
