PATH
  remote: ../judoscale-ruby
  specs:
    judoscale-ruby (1.2.3)

PATH
  remote: .
  specs:
    judoscale-sidekiq (1.2.3)
      judoscale-ruby (= 1.2.3)
      sidekiq (>= 5.0)

GEM
  remote: https://rubygems.org/
  specs:
    concurrent-ruby (1.2.0)
    connection_pool (2.3.0)
    debug (1.7.1)
      irb (>= 1.5.0)
      reline (>= 0.3.1)
    io-console (0.6.0)
    irb (1.6.2)
      reline (>= 0.3.0)
    minitest (5.17.0)
    rack (3.0.4.1)
    rake (13.0.6)
    rake-release (1.3.0)
      bundler (>= 1.11, < 3)
    redis-client (0.12.1)
      connection_pool
    reline (0.3.2)
      io-console (~> 0.5)
    sidekiq (7.0.3)
      concurrent-ruby (< 2)
      connection_pool (>= 2.3.0)
      rack (>= 2.2.4)
      redis-client (>= 0.11.0)

PLATFORMS
  arm64-darwin-20
  arm64-darwin-21
  x86_64-darwin-21
  x86_64-linux

DEPENDENCIES
  debug
  judoscale-ruby!
  judoscale-sidekiq!
  minitest
  rake
  rake-release
  sidekiq (~> 7.0)

BUNDLED WITH
   2.3.9
