PATH
  remote: ../judoscale-ruby
  specs:
    judoscale-ruby (1.2.0)

PATH
  remote: .
  specs:
    judoscale-sidekiq (1.2.0)
      judoscale-ruby
      sidekiq (>= 5.0)

GEM
  remote: https://rubygems.org/
  specs:
    concurrent-ruby (1.1.10)
    connection_pool (2.3.0)
    debug (1.6.2)
      irb (>= 1.3.6)
      reline (>= 0.3.1)
    io-console (0.5.11)
    irb (1.4.1)
      reline (>= 0.3.0)
    minitest (5.15.0)
    rack (3.0.0)
    rake (13.0.6)
    rake-release (1.3.0)
      bundler (>= 1.11, < 3)
    redis-client (0.11.1)
      connection_pool
    reline (0.3.1)
      io-console (~> 0.5)
    sidekiq (7.0.1)
      concurrent-ruby (< 2)
      connection_pool (>= 2.3.0)
      rack (>= 2.2.4)
      redis-client (>= 0.9.0)

PLATFORMS
  arm64-darwin-20
  arm64-darwin-21
  x86_64-darwin-21
  x86_64-linux

DEPENDENCIES
  debug
  judoscale-ruby!
  judoscale-sidekiq!
  minitest
  rake
  rake-release
  sidekiq (~> 7.0)

BUNDLED WITH
   2.3.9
