PATH
  remote: ../rails-autoscale-core
  specs:
    judoscale-ruby (1.1.1)
    rails-autoscale-core (1.1.1)

PATH
  remote: .
  specs:
    judoscale-resque (1.1.1)
      judoscale-ruby
      resque (>= 2.0)

GEM
  remote: https://rubygems.org/
  specs:
    debug (1.6.2)
      irb (>= 1.3.6)
      reline (>= 0.3.1)
    io-console (0.5.11)
    irb (1.4.1)
      reline (>= 0.3.0)
    minitest (5.15.0)
    mono_logger (1.1.1)
    multi_json (1.15.0)
    mustermann (2.0.2)
      ruby2_keywords (~> 0.0.1)
    rack (2.2.4)
    rack-protection (2.2.2)
      rack
    rake (13.0.6)
    rake-release (1.3.0)
      bundler (>= 1.11, < 3)
    redis (4.8.0)
    redis-namespace (1.9.0)
      redis (>= 4)
    reline (0.3.1)
      io-console (~> 0.5)
    resque (2.2.1)
      mono_logger (~> 1.0)
      multi_json (~> 1.0)
      redis-namespace (~> 1.6)
      sinatra (>= 0.9.2)
    ruby2_keywords (0.0.5)
    sinatra (2.2.2)
      mustermann (~> 2.0)
      rack (~> 2.2)
      rack-protection (= 2.2.2)
      tilt (~> 2.0)
    tilt (2.0.11)

PLATFORMS
  arm64-darwin-20
  arm64-darwin-21
  x86_64-darwin-21
  x86_64-linux

DEPENDENCIES
  debug
  judoscale-resque!
  minitest
  rails-autoscale-core!
  rake
  rake-release
  redis (~> 4.0)
  resque (~> 2.2.0)

BUNDLED WITH
   2.3.9
