PATH
  remote: ../rails-autoscale-core
  specs:
    rails-autoscale-core (1.0.1)

PATH
  remote: .
  specs:
    rails-autoscale-resque (1.0.1)
      rails-autoscale-core
      resque (>= 2.0)

GEM
  remote: https://rubygems.org/
  specs:
    minitest (5.15.0)
    mono_logger (1.1.1)
    multi_json (1.15.0)
    mustermann (2.0.2)
      ruby2_keywords (~> 0.0.1)
    rack (2.2.4)
    rack-protection (2.2.2)
      rack
    rake (13.0.6)
    redis (4.8.0)
    redis-namespace (1.9.0)
      redis (>= 4)
    resque (2.2.1)
      mono_logger (~> 1.0)
      multi_json (~> 1.0)
      redis-namespace (~> 1.6)
      sinatra (>= 0.9.2)
    ruby2_keywords (0.0.5)
    sinatra (2.2.2)
      mustermann (~> 2.0)
      rack (~> 2.2)
      rack-protection (= 2.2.2)
      tilt (~> 2.0)
    tilt (2.0.11)

PLATFORMS
  arm64-darwin-20
  arm64-darwin-21
  x86_64-darwin-21
  x86_64-linux

DEPENDENCIES
  minitest
  rails-autoscale-core!
  rails-autoscale-resque!
  rake
  redis (~> 4.0)
  resque (~> 2.2.0)

BUNDLED WITH
   2.3.9
