PATH
  remote: .
  specs:
    rails-autoscale-core (1.1.0)

GEM
  remote: https://rubygems.org/
  specs:
    addressable (2.8.1)
      public_suffix (>= 2.0.2, < 6.0)
    crack (0.4.5)
      rexml
    debug (1.4.0)
      irb (>= 1.3.6)
      reline (>= 0.2.7)
    hashdiff (1.0.1)
    io-console (0.5.11)
    irb (1.4.1)
      reline (>= 0.3.0)
    minitest (5.15.0)
    public_suffix (5.0.0)
    rake (13.0.6)
    reline (0.3.1)
      io-console (~> 0.5)
    rexml (3.2.5)
    webmock (3.18.1)
      addressable (>= 2.8.0)
      crack (>= 0.3.2)
      hashdiff (>= 0.4.0, < 2.0.0)

PLATFORMS
  arm64-darwin-20
  arm64-darwin-21
  x86_64-darwin-21
  x86_64-linux

DEPENDENCIES
  debug
  minitest
  rails-autoscale-core!
  rake (>= 12.3.3)
  webmock

BUNDLED WITH
   2.3.9
